PATH
  remote: .
  specs:
    sequenceable (0.1.1)

GEM
  remote: https://rubygems.org/
  specs:
    minitest (5.14.1)
    rake (13.0.1)
    sqlite3 (1.4.2)

PLATFORMS
  ruby

DEPENDENCIES
  bundler (~> 2.0)
  minitest (~> 5.0)
  rake (>= 12.3.3)
  sequenceable!
  sqlite3

BUNDLED WITH
   2.1.4
